GEM
  remote: https://rubygems.org/
  specs:
    colorize (0.7.7)
    i18n (0.7.0)
    net-scp (1.2.1)
      net-ssh (>= 2.6.5)
    net-sftp (2.1.2)
      net-ssh (>= 2.6.5)
    net-ssh (2.9.2)

PLATFORMS
  ruby

DEPENDENCIES
  colorize
  i18n
  net-scp
  net-sftp
  net-ssh
